GIT
  remote: /Users/aking/Projects/Pet/ruhoh.rb
  revision: 34dfe0992f0ea96f6cc733fc5e0d3c25560601b8
  specs:
    ruhoh (2.2)
      directory_watcher (~> 1.4.0)
      mustache (~> 0.99)
      nokogiri (~> 1.5)
      rack (~> 1.4)
      redcarpet (~> 2.1)

GEM
  remote: https://rubygems.org/
  specs:
    directory_watcher (1.4.1)
    mini_portile2 (2.1.0)
    mustache (0.99.8)
    nokogiri (1.6.8.1)
      mini_portile2 (~> 2.1.0)
    rack (1.6.8)
    redcarpet (2.3.0)

PLATFORMS
  ruby

DEPENDENCIES
  ruhoh!

BUNDLED WITH
   1.16.1
