GIT
  remote: /Users/aking/Projects/oss/amanking/github/ruhoh
  revision: ce9b9db2e2613727f8cf81a574dbf22ae948af14
  specs:
    ruhoh (2.2)
      directory_watcher (~> 1.4.0)
      mustache (~> 0.99)
      nokogiri (~> 1.5)
      rack (~> 1.4)
      redcarpet (~> 2.1)

GEM
  remote: https://rubygems.org/
  specs:
    directory_watcher (1.4.1)
    mini_portile (0.5.1)
    mustache (0.99.4)
    nokogiri (1.6.0)
      mini_portile (~> 0.5.0)
    rack (1.5.2)
    redcarpet (2.3.0)

PLATFORMS
  ruby

DEPENDENCIES
  ruhoh!
