GIT
  remote: /Users/aking/Projects/oss/amanking/github/ruhoh
  revision: 34dfe0992f0ea96f6cc733fc5e0d3c25560601b8
  specs:
    ruhoh (2.2)
      directory_watcher (~> 1.4.0)
      mustache (~> 0.99)
      nokogiri (~> 1.5)
      rack (~> 1.4)
      redcarpet (~> 2.1)

GEM
  remote: https://rubygems.org/
  specs:
    directory_watcher (1.4.1)
    mini_portile (0.5.2)
    mustache (0.99.5)
    nokogiri (1.6.1)
      mini_portile (~> 0.5.0)
    rack (1.5.2)
    redcarpet (2.3.0)

PLATFORMS
  ruby

DEPENDENCIES
  ruhoh!
